GEM
  remote: https://rubygems.org/
  specs:
    pg (1.0.0)

PLATFORMS
  ruby

DEPENDENCIES
  pg (~> 1.0)

BUNDLED WITH
   1.16.1
